GEM
  remote: http://rubygems.org/
  specs:
    activesupport (6.1.7.6)
      concurrent-ruby (~> 1.0, >= 1.0.2)
      i18n (>= 1.6, < 2)
      minitest (>= 5.1)
      tzinfo (~> 2.0)
      zeitwerk (~> 2.3)
    concurrent-ruby (1.2.2)
    hunspell (1.1.0)
    i18n (1.14.1)
      concurrent-ruby (~> 1.0)
    icalendar (2.9.0)
      ice_cube (~> 0.16)
    ice_cube (0.16.4)
    minitest (5.20.0)
    parslet (1.8.2)
    rainbow (3.1.1)
    redcarpet (3.6.0)
    ruby-handlebars (0.4.1)
      parslet (~> 1.6, >= 1.6.2)
    tzinfo (2.0.6)
      concurrent-ruby (~> 1.0)
    zeitwerk (2.6.11)

PLATFORMS
  arm64-darwin-21

DEPENDENCIES
  activesupport (~> 6.0)
  hunspell (~> 1.1)
  icalendar (~> 2.5)
  rainbow
  redcarpet
  ruby-handlebars

BUNDLED WITH
   2.2.22
